GEM
  remote: https://rubygems.org/
  specs:
    async (1.32.1)
      console (~> 1.10)
      nio4r (~> 2.3)
      timers (~> 4.1)
    async-container (0.18.0)
      async
      async-io
    async-http (0.64.2)
      async (>= 1.25)
      async-io (>= 1.28)
      async-pool (>= 0.2)
      protocol-http (~> 0.26.0)
      protocol-http1 (~> 0.19.0)
      protocol-http2 (~> 0.16.0)
      traces (>= 0.10.0)
    async-http-cache (0.4.3)
      async-http (~> 0.56)
    async-io (1.43.2)
      async
    async-pool (0.6.1)
      async (>= 1.25)
    async-service (0.10.0)
      async
      async-container (~> 0.16)
    base64 (0.2.0)
    console (1.25.2)
      fiber-annotation
      fiber-local (~> 1.1)
      json
    diff-lcs (1.6.0)
    falcon (0.44.0)
      async
      async-container (~> 0.17)
      async-http (~> 0.57)
      async-http-cache (~> 0.4.0)
      async-io (~> 1.22)
      async-service (~> 0.10.0)
      bundler
      localhost (~> 1.1)
      openssl (~> 3.0)
      process-metrics (~> 0.2.0)
      protocol-rack (~> 0.1)
      samovar (~> 2.1)
    faraday (2.9.0)
      faraday-net_http (>= 2.0, < 3.2)
    faraday-net_http (3.1.0)
      net-http
    fiber-annotation (0.2.0)
    fiber-local (1.1.0)
      fiber-storage
    fiber-storage (0.1.1)
    json (2.7.2)
    localhost (1.3.1)
    mapping (1.1.1)
    mustermann (3.0.0)
      ruby2_keywords (~> 0.0.1)
    net-http (0.4.1)
      uri
    nio4r (2.7.3)
    openssl (3.2.0)
    process-metrics (0.2.1)
      console (~> 1.8)
      samovar (~> 2.1)
    protocol-hpack (1.4.3)
    protocol-http (0.26.5)
    protocol-http1 (0.19.1)
      protocol-http (~> 0.22)
    protocol-http2 (0.16.0)
      protocol-hpack (~> 1.4)
      protocol-http (~> 0.18)
    protocol-rack (0.5.1)
      protocol-http (~> 0.23)
      rack (>= 1.0)
    rack (3.0.11)
    rack-protection (4.0.0)
      base64 (>= 0.1.0)
      rack (>= 3.0.0, < 4)
    rack-session (2.0.0)
      rack (>= 3.0.0)
    rspec (3.13.0)
      rspec-core (~> 3.13.0)
      rspec-expectations (~> 3.13.0)
      rspec-mocks (~> 3.13.0)
    rspec-core (3.13.3)
      rspec-support (~> 3.13.0)
    rspec-expectations (3.13.3)
      diff-lcs (>= 1.2.0, < 2.0)
      rspec-support (~> 3.13.0)
    rspec-mocks (3.13.2)
      diff-lcs (>= 1.2.0, < 2.0)
      rspec-support (~> 3.13.0)
    rspec-support (3.13.2)
    ruby2_keywords (0.0.5)
    samovar (2.3.0)
      console (~> 1.0)
      mapping (~> 1.0)
    sinatra (4.0.0)
      mustermann (~> 3.0)
      rack (>= 3.0.0, < 4)
      rack-protection (= 4.0.0)
      rack-session (>= 2.0.0, < 3)
      tilt (~> 2.0)
    tilt (2.3.0)
    timers (4.3.5)
    traces (0.11.1)
    uri (0.13.0)

PLATFORMS
  ruby
  x86_64-darwin-23

DEPENDENCIES
  async
  falcon (= 0.44.0)
  faraday
  rspec
  sinatra

BUNDLED WITH
   2.5.11
